PATH
  remote: .
  specs:
    peatio_client (0.0.8)
      activesupport (>= 4.0.0)
      faye-websocket (~> 0.9.2)

GEM
  remote: https://rubygems.org/
  specs:
    activesupport (5.1.4)
      concurrent-ruby (~> 1.0, >= 1.0.2)
      i18n (~> 0.7)
      minitest (~> 5.1)
      tzinfo (~> 1.1)
    concurrent-ruby (1.0.5)
    eventmachine (1.2.5)
    faye-websocket (0.9.2)
      eventmachine (>= 0.12.0)
      websocket-driver (>= 0.5.1)
    i18n (0.9.1)
      concurrent-ruby (~> 1.0)
    minitest (5.5.1)
    rake (10.3.1)
    thread_safe (0.3.6)
    tzinfo (1.2.4)
      thread_safe (~> 0.1)
    websocket-driver (0.7.0)
      websocket-extensions (>= 0.1.0)
    websocket-extensions (0.1.3)

PLATFORMS
  ruby

DEPENDENCIES
  minitest (~> 5.5.1)
  peatio_client!
  rake

BUNDLED WITH
   1.16.0
